GEM
  remote: http://rubygems.org/
  specs:
    activemodel (3.2.1)
      activesupport (= 3.2.1)
      builder (~> 3.0.0)
    activesupport (3.2.1)
      i18n (~> 0.6)
      multi_json (~> 1.0)
    bson (1.5.2)
    bson_ext (1.5.2)
      bson (= 1.5.2)
    builder (3.0.0)
    childprocess (0.2.3)
      ffi (~> 1.0.6)
    ffi (1.0.11)
    i18n (0.6.0)
    json (1.6.5)
    macaddr (1.5.0)
      systemu (>= 2.4.0)
    mongo (1.5.2)
      bson (= 1.5.2)
    mongo_mapper (0.11.0)
      activemodel (~> 3.0)
      activesupport (~> 3.0)
      plucky (~> 0.4.0)
    multi_json (1.0.4)
    plucky (0.4.4)
      mongo (~> 1.5)
    rack (1.4.1)
    rack-protection (1.2.0)
      rack
    rubyzip (0.9.5)
    selenium-webdriver (2.14.0)
      childprocess (>= 0.2.1)
      ffi (~> 1.0.9)
      multi_json (~> 1.0.4)
      rubyzip
    sinatra (1.3.2)
      rack (~> 1.3, >= 1.3.6)
      rack-protection (~> 1.2)
      tilt (~> 1.3, >= 1.3.3)
    systemu (2.4.2)
    tilt (1.3.3)
    uuid (2.3.5)
      macaddr (~> 1.0)

PLATFORMS
  ruby

DEPENDENCIES
  bson_ext
  json
  mongo_mapper
  selenium-webdriver
  sinatra
  uuid
